NUGET
  remote: https://www.nuget.org/api/v2
  specs:
    FAKE (4.28)
    FsCheck (2.4)
      FSharp.Core (>= 3.1.2.5)
    FSharp.Core (3.1.2.5)
    Hopac (0.2.1)
      FSharp.Core (>= 3.1.2.5)
    Microsoft.Bcl (1.1.10) - framework: net10, net11, net20, net30, net35, net40, net40-full
      Microsoft.Bcl.Build (>= 1.0.14)
    Microsoft.Bcl.Build (1.0.21) - import_targets: false, framework: net10, net11, net20, net30, net35, net40, net40-full
    Microsoft.Net.Http (2.2.29) - framework: net10, net11, net20, net30, net35, net40, net40-full
      Microsoft.Bcl (>= 1.1.10)
      Microsoft.Bcl.Build (>= 1.0.14)
    NuGet.CommandLine (3.4.3)
    NUnit (2.6.4)
    NUnit.Runners (2.6.4)
    Octokit (0.19)
      Microsoft.Net.Http
    SourceLink.Fake (1.1)
    Unquote (3.1.1)
GITHUB
  remote: fsharp/FAKE
  specs:
    modules/Octokit/Octokit.fsx (60acb2f035cb39f2bd40a6c58a4de10d915da248)
      Octokit