NUGET
  remote: https://www.nuget.org/api/v2
  specs:
    FAKE (4.12.0)
    FsCheck (2.2.4)
      FSharp.Core (>= 3.1.2.5)
    FSharp.Core (3.1.2.5)
    Hopac (0.1.3)
      FSharp.Core (>= 3.1.2.5)
    Microsoft.Bcl (1.1.10)
      Microsoft.Bcl.Build (>= 1.0.14)
    Microsoft.Bcl.Build (1.0.21) - import_targets: false
    Microsoft.Net.Http (2.2.29)
      Microsoft.Bcl (>= 1.1.10)
      Microsoft.Bcl.Build (>= 1.0.14)
    NuGet.CommandLine (3.3.0)
    NUnit (2.6.4)
    NUnit.Runners (2.6.4)
    Octokit (0.17.0)
      Microsoft.Net.Http
    SourceLink.Fake (1.1.0)
    Unquote (3.1.0)
GITHUB
  remote: fsharp/FAKE
  specs:
    modules/Octokit/Octokit.fsx (7d1a6f8e48d1e2e1e3246ea24a4de05cccc8ce64)
      Octokit