NUGET
  remote: https://nuget.org/api/v2
  specs:
    FAKE (4.0.3)
    FsCheck (2.0.4)
      FSharp.Core (>= 3.1.2.1)
    FSharp.Core (3.1.2.1)
    Hopac (0.0.0.48)
      FSharp.Core (>= 3.1.2.1)
    Microsoft.Bcl (1.1.10)
      Microsoft.Bcl.Build (>= 1.0.14)
    Microsoft.Bcl.Build (1.0.21)
    Microsoft.Net.Http (2.2.29)
      Microsoft.Bcl (>= 1.1.10)
      Microsoft.Bcl.Build (>= 1.0.14)
    NuGet.CommandLine (2.8.6)
    NUnit (2.6.4)
    NUnit.Runners (2.6.4)
    Octokit (0.14.0)
      Microsoft.Net.Http
    SourceLink.Fake (1.0.0)
    Unquote (3.0.0)
GITHUB
  remote: fsharp/FAKE
  specs:
    modules/Octokit/Octokit.fsx (f8684a9a3ccd1e0e78b77925a2aa2c259f6787dc)
      Octokit