NUGET
  remote: https://nuget.org/api/v2
  specs:
    FsCheck (1.0.4)
    NUnit (2.6.4)
    Unquote (2.2.2)
