NUGET
  remote: https://www.nuget.org/api/v2
    FAKE (4.40.1)
    FsCheck (2.6.1)
      FSharp.Core (>= 3.1.2.5)
    FSharp.Core (3.1.2.5)
    Hopac (0.3.14)
      FSharp.Core (>= 3.1.2.5)
    Microsoft.Bcl (1.1.10) - framework: net10, net11, net20, net30, net35, net40, net40-full
      Microsoft.Bcl.Build (>= 1.0.14)
    Microsoft.Bcl.Build (1.0.21) - import_targets: false, framework: net10, net11, net20, net30, net35, net40, net40-full
    Microsoft.Net.Http (2.2.29) - framework: net10, net11, net20, net30, net35, net40, net40-full
      Microsoft.Bcl (>= 1.1.10)
      Microsoft.Bcl.Build (>= 1.0.14)
    NuGet.CommandLine (3.4.3)
    NUnit (2.6.4)
    NUnit.Runners (2.6.4)
    Octokit (0.22)
      Microsoft.Net.Http  - framework: net10, net11, net20, net30, net35, net40, net40-full
    SourceLink.Fake (1.1)
    Unquote (3.1.2)
GITHUB
  remote: fsharp/FAKE
    modules/Octokit/Octokit.fsx (d071e770b2edfe6c9c7242003b2939ad9d0e33a5)
      Octokit (>= 0.20)