NUGET
  remote: https://nuget.org/api/v2
  specs:
    FAKE (3.15.0)
    FsCheck (2.0.0)
      FSharp.Core (>= 3.1.2.1)
    FSharp.Core (3.1.2.1)
    Hopac (0.0.0.41)
    Microsoft.Bcl (1.1.9)
      Microsoft.Bcl.Build (>= 1.0.14)
    Microsoft.Bcl.Build (1.0.21)
    Microsoft.Net.Http (2.2.28)
      Microsoft.Bcl (>= 1.1.9)
      Microsoft.Bcl.Build (>= 1.0.14)
    NuGet.CommandLine (2.8.3)
    NUnit (2.6.4)
    NUnit.Runners (2.6.4)
    Octokit (0.6.2)
      Microsoft.Net.Http
    SourceLink.Fake (0.4.2)
    Unquote (2.2.2)
GITHUB
  remote: fsharp/FAKE
  specs:
    modules/Octokit/Octokit.fsx (0d82fea265404d0339744fbe10617fb2737a0c87)
      Octokit