NUGET
  remote: https://nuget.org/api/v2
  specs:
    FAKE (3.34.3)
    FsCheck (2.0.1)
      FSharp.Core (>= 3.1.2.1)
    FSharp.Core (3.1.2.1)
    Hopac (0.0.0.46)
      FSharp.Core (>= 3.1.2.1)
    Microsoft.Bcl (1.1.10)
      Microsoft.Bcl.Build (>= 1.0.14)
    Microsoft.Bcl.Build (1.0.21)
    Microsoft.Net.Http (2.2.29)
      Microsoft.Bcl (>= 1.1.10)
      Microsoft.Bcl.Build (>= 1.0.14)
    NuGet.CommandLine (2.8.5)
    NUnit (2.6.4)
    NUnit.Runners (2.6.4)
    Octokit (0.12.0)
      Microsoft.Net.Http
    SourceLink.Fake (0.5.0)
    Unquote (3.0.0)
GITHUB
  remote: fsharp/FAKE
  specs:
    modules/Octokit/Octokit.fsx (8a680a9595156bf022859793b89ffb9c53757f2d)
      Octokit